GEM
  remote: http://rubygems.org/
  specs:
    apetag (1.1.5)
      cicphash (>= 1.0.0)
    cicphash (1.1.0)
    flacinfo-rb (1.0)
    moumar-wmainfo-rb (0.8)
    mp4info (1.7.3)
    ruby-audioinfo (0.5.0)
      apetag (>= 1.1.4)
      flacinfo-rb (>= 0.4)
      moumar-wmainfo-rb (>= 0.7)
      mp4info (>= 1.7.3)
      ruby-mp3info (>= 0.8)
      ruby-ogginfo (>= 0.7)
    ruby-mp3info (0.8.5)
    ruby-ogginfo (0.7.2)
    wavefile (0.6.0)

PLATFORMS
  ruby

DEPENDENCIES
  ruby-audioinfo (= 0.5.0)
  wavefile (= 0.6.0)
